PATH
  remote: .
  specs:
    wishlist (0.0.1)
      active_support
      mechanize
      yajl-ruby

GEM
  remote: https://rubygems.org/
  specs:
    active_support (3.0.0)
      activesupport (= 3.0.0)
    activesupport (3.0.0)
    addressable (2.3.2)
    ansi (1.4.3)
    coderay (1.0.7)
    crack (0.3.1)
    domain_name (0.5.4)
      unf (~> 0.0.3)
    guard (1.3.2)
      listen (>= 0.4.2)
      thor (>= 0.14.6)
    guard-bundler (1.0.0)
      bundler (~> 1.0)
      guard (~> 1.1)
    guard-minitest (0.5.0)
      guard (>= 0.4)
    listen (0.5.1)
    mechanize (2.5.1)
      domain_name (~> 0.5, >= 0.5.1)
      mime-types (~> 1.17, >= 1.17.2)
      net-http-digest_auth (~> 1.1, >= 1.1.1)
      net-http-persistent (~> 2.5, >= 2.5.2)
      nokogiri (~> 1.4)
      ntlm-http (~> 0.1, >= 0.1.1)
      webrobots (~> 0.0, >= 0.0.9)
    method_source (0.8)
    mime-types (1.19)
    minitest (3.5.0)
    net-http-digest_auth (1.2.1)
    net-http-persistent (2.7)
    nokogiri (1.5.5)
    ntlm-http (0.1.1)
    pry (0.9.10)
      coderay (~> 1.0.5)
      method_source (~> 0.8)
      slop (~> 3.3.1)
    rake (0.9.2.2)
    rb-fsevent (0.9.2)
    slop (3.3.3)
    thor (0.16.0)
    turn (0.9.6)
      ansi
    unf (0.0.5)
      unf_ext
    unf_ext (0.0.5)
    vcr (2.2.5)
    webmock (1.8.10)
      addressable (>= 2.2.7)
      crack (>= 0.1.7)
    webrobots (0.0.13)
    yajl-ruby (1.1.0)

PLATFORMS
  ruby

DEPENDENCIES
  guard
  guard-bundler
  guard-minitest
  minitest
  pry
  rake
  rb-fsevent (~> 0.9.1)
  turn
  vcr
  webmock
  wishlist!
